PATH
  remote: .
  specs:
    pbxproject (0.2.0)
      thor

GEM
  remote: https://rubygems.org/
  specs:
    thor (0.16.0)
    version (1.0.0)

PLATFORMS
  ruby

DEPENDENCIES
  pbxproject!
  version
